GEM
  remote: https://rubygems.org/
  specs:
    asciidoctor (2.0.12)
    asciidoctor-bibtex (0.8.0)
      asciidoctor (~> 2.0)
      bibtex-ruby (~> 5.1)
      citeproc-ruby (~> 1)
      csl-styles (~> 1)
      latex-decode (~> 0.2)
    asciidoctor-diagram (2.0.5)
      asciidoctor (>= 1.5.7, < 3.x)
    bibtex-ruby (5.1.6)
      latex-decode (~> 0.0)
    citeproc (1.0.10)
      namae (~> 1.0)
    citeproc-ruby (1.1.13)
      citeproc (~> 1.0, >= 1.0.9)
      csl (~> 1.5)
    csl (1.5.2)
      namae (~> 1.0)
    csl-styles (1.0.1.10)
      csl (~> 1.0)
    latex-decode (0.3.2)
    namae (1.0.1)
    rouge (3.25.0)

PLATFORMS
  ruby

DEPENDENCIES
  asciidoctor
  asciidoctor-bibtex
  asciidoctor-diagram
  rouge

BUNDLED WITH
   2.1.4
