GEM
  remote: https://rubygems.org/
  specs:
    asciidoctor (2.0.12)
    asciidoctor-bibtex (0.8.0)
      asciidoctor (~> 2.0)
      bibtex-ruby (~> 5.1)
      citeproc-ruby (~> 1)
      csl-styles (~> 1)
      latex-decode (~> 0.2)
    asciidoctor-diagram (2.0.5)
      asciidoctor (>= 1.5.7, < 3.x)
    asciidoctor-mathematical (0.3.5)
      asciidoctor (~> 2.0)
      asciimath (~> 2.0)
      mathematical (~> 1.6.0)
    asciimath (2.0.1)
    bibtex-ruby (5.1.5)
      latex-decode (~> 0.0)
    citeproc (1.0.10)
      namae (~> 1.0)
    citeproc-ruby (1.1.13)
      citeproc (~> 1.0, >= 1.0.9)
      csl (~> 1.5)
    concurrent-ruby (1.1.7)
    csl (1.5.2)
      namae (~> 1.0)
    csl-styles (1.0.1.10)
      csl (~> 1.0)
    i18n (1.8.5)
      concurrent-ruby (~> 1.0)
    latex-decode (0.3.2)
    mathematical (1.6.13)
      ruby-enum (~> 0.4)
    namae (1.0.1)
    ruby-enum (0.8.0)
      i18n

PLATFORMS
  ruby

DEPENDENCIES
  asciidoctor
  asciidoctor-bibtex
  asciidoctor-diagram
  asciidoctor-mathematical

BUNDLED WITH
   2.1.4
